GEM
  remote: http://rubygems.org/
  specs:
    RedCloth (4.2.8)
    adsf (1.0.1)
      rack (>= 1.0.0)
    builder (3.0.0)
    chunky_png (1.2.4)
    compass (0.11.5)
      chunky_png (~> 1.2)
      fssm (>= 0.2.7)
      sass (~> 3.1)
    compass_twitter_bootstrap (0.1.5)
      compass
    cri (2.0.2)
    fssm (0.2.7)
    haml (3.1.3)
    kramdown (0.13.3)
    liquid (2.2.2)
    mime-types (1.17.2)
    nanoc (3.2.2)
      nanoc3 (>= 3.2.2)
    nanoc3 (3.2.2)
      cri (~> 2.0)
    nokogiri (1.5.0)
    rack (1.3.5)
    rake (0.9.2)
    sass (3.1.7)

PLATFORMS
  ruby

DEPENDENCIES
  RedCloth
  adsf
  builder
  compass_twitter_bootstrap
  haml
  kramdown
  liquid
  mime-types
  nanoc
  nokogiri
  rack
  rake (= 0.9.2)
